GEM
  remote: https://rubygems.org/
  specs:
    faraday (0.9.1)
      multipart-post (>= 1.2, < 3)
    github-auth (3.1.0)
      faraday (~> 0.9.0)
      thor (~> 0.18.1)
    multipart-post (2.0.0)
    thor (0.18.1)

PLATFORMS
  ruby

DEPENDENCIES
  github-auth
